GEM
  remote: https://rubygems.org/
  specs:
    debug (1.7.1)
      irb (>= 1.5.0)
      reline (>= 0.3.1)
    io-console (0.6.0)
    irb (1.6.2)
      reline (>= 0.3.0)
    minitest (5.17.0)
    rake (13.0.6)
    reline (0.3.2)
      io-console (~> 0.5)

PLATFORMS
  arm64-darwin-21

DEPENDENCIES
  debug
  minitest
  rake

BUNDLED WITH
   2.2.3
